GEM
  remote: https://rubygems.org/
  specs:
    amatch (0.4.0)
      mize
      tins (~> 1.0)
    backports (3.15.0)
    builder (3.2.3)
    chutney (1.6.1)
      amatch (~> 0.4.0)
      cucumber (~> 3.0)
      engtagger (~> 0.2)
      multi_json (~> 1.0)
      term-ansicolor (= 1.7.1)
    cucumber (3.1.2)
      builder (>= 2.1.2)
      cucumber-core (~> 3.2.0)
      cucumber-expressions (~> 6.0.1)
      cucumber-wire (~> 0.0.1)
      diff-lcs (~> 1.3)
      gherkin (~> 5.1.0)
      multi_json (>= 1.7.5, < 2.0)
      multi_test (>= 0.1.2)
    cucumber-core (3.2.1)
      backports (>= 3.8.0)
      cucumber-tag_expressions (~> 1.1.0)
      gherkin (~> 5.0)
    cucumber-expressions (6.0.1)
    cucumber-tag_expressions (1.1.1)
    cucumber-wire (0.0.1)
    diff-lcs (1.3)
    engtagger (0.2.1)
    gherkin (5.1.0)
    httparty (0.21.0)
      mini_mime (>= 1.0.0)
      multi_xml (>= 0.5.2)
    mini_mime (1.1.2)
    mize (0.3.5)
      protocol
    multi_json (1.13.1)
    multi_test (0.1.2)
    multi_xml (0.6.0)
    protocol (1.0.1)
      ruby_parser (~> 3.0)
    ruby_parser (3.13.1)
      sexp_processor (~> 4.9)
    sexp_processor (4.12.1)
    term-ansicolor (1.7.1)
      tins (~> 1.0)
    tins (1.21.1)

PLATFORMS
  ruby

DEPENDENCIES
  chutney (~> 1.6)
  cucumber (~> 3.1)
  httparty (~> 0.21)

BUNDLED WITH
   2.0.2
